GEM
  remote: https://rubygems.org/
  specs:
    addressable (2.3.4)
    crack (0.3.2)
    diff-lcs (1.2.4)
    rspec (2.13.0)
      rspec-core (~> 2.13.0)
      rspec-expectations (~> 2.13.0)
      rspec-mocks (~> 2.13.0)
    rspec-core (2.13.1)
    rspec-expectations (2.13.0)
      diff-lcs (>= 1.1.3, < 2.0)
    rspec-mocks (2.13.1)
    webmock (1.11.0)
      addressable (>= 2.2.7)
      crack (>= 0.3.2)
    xml-simple (1.1.2)

PLATFORMS
  ruby

DEPENDENCIES
  addressable (~> 2.3.3)
  rspec
  webmock
  xml-simple
